PATH
  remote: .
  specs:
    rav_meser_v2 (0.1.0)
      httparty (~> 0.18.1)
      json (~> 2.5.1)
      uri (~> 0.10.1)

GEM
  remote: https://rubygems.org/
  specs:
    byebug (11.1.3)
    httparty (0.18.1)
      mime-types (~> 3.0)
      multi_xml (>= 0.5.2)
    json (2.5.1)
    mime-types (3.3.1)
      mime-types-data (~> 3.2015)
    mime-types-data (3.2021.0704)
    minitest (5.14.4)
    multi_xml (0.6.0)
    rake (10.5.0)
    uri (0.10.1)

PLATFORMS
  ruby

DEPENDENCIES
  bundler (~> 2.0)
  byebug
  httparty (~> 0.18.1)
  json (~> 2.5.1)
  minitest (~> 5.0)
  rake (~> 10.0)
  rav_meser_v2!
  uri (~> 0.10.1)

BUNDLED WITH
   2.0.2
